PATH
  remote: .
  specs:
    samurai_ssl_fix (0.1.0)
      activeresource (~> 4.0.0)
      activesupport (~> 4.0.13)

GEM
  remote: https://rubygems.org/
  specs:
    activemodel (4.0.13)
      activesupport (= 4.0.13)
      builder (~> 3.1.0)
    activeresource (4.0.0)
      activemodel (~> 4.0)
      activesupport (~> 4.0)
      rails-observers (~> 0.1.1)
    activesupport (4.0.13)
      i18n (~> 0.6, >= 0.6.9)
      minitest (~> 4.2)
      multi_json (~> 1.3)
      thread_safe (~> 0.1)
      tzinfo (~> 0.3.37)
    builder (3.1.4)
    i18n (0.7.0)
    minitest (4.7.5)
    multi_json (1.11.2)
    rails-observers (0.1.2)
      activemodel (~> 4.0)
    thread_safe (0.3.5)
    tzinfo (0.3.46)

PLATFORMS
  ruby

DEPENDENCIES
  samurai_ssl_fix!

BUNDLED WITH
   1.11.2
